GEM
  remote: http://rubygems.org/
  specs:
    RedCloth (4.2.3)
    activemodel (3.0.0)
      activesupport (= 3.0.0)
      builder (~> 2.1.2)
      i18n (~> 0.4.1)
    activerecord (3.0.0)
      activemodel (= 3.0.0)
      activesupport (= 3.0.0)
      arel (~> 1.0.0)
      tzinfo (~> 0.3.23)
    activesupport (3.0.0)
    acts_as_list (0.1.2)
    arel (1.0.1)
      activesupport (~> 3.0.0)
    authlogic (2.1.6)
      activesupport
    builder (2.1.2)
    gravtastic (2.2.0)
    haml (3.0.18)
    hassle (0.0.1)
      haml
      rack
    i18n (0.4.1)
    nokogiri (1.4.3.1)
    paperclip (2.3.3)
      activerecord
      activesupport
    pg (0.9.0)
    rack (1.1.0)
    radiant (0.9.1)
      RedCloth (>= 4.0.0)
      rack (~> 1.1.0)
      rake (>= 0.8.3)
      will_paginate (~> 2.3.11)
    rake (0.8.7)
    rdiscount (1.6.5)
    responds_to_parent (1.0.20091013)
    sanitize (1.2.1)
      nokogiri (~> 1.4.1)
    sqlite3-ruby (1.3.1)
    tzinfo (0.3.23)
    will_paginate (2.3.14)

PLATFORMS
  ruby

DEPENDENCIES
  acts_as_list
  authlogic (>= 2.1.2)
  gravtastic (>= 2.1.3)
  haml
  hassle
  paperclip (~> 2.3.3)
  pg
  radiant (= 0.9.1)
  rdiscount (>= 1.3.5)
  responds_to_parent
  sanitize
  sqlite3-ruby
