GIT
  remote: https://github.com/radiant/radiant.git
  revision: 028df2e7473d0f5b64f30119e43df93236128b3a
  submodules: true
  specs:
    radiant (1.0.0.rc2)
      RedCloth (>= 4.0.0)
      acts_as_list (~> 0.1.2)
      compass (~> 0.11.1)
      delocalize (~> 0.2.3)
      haml (~> 3.1.1)
      paperclip (~> 2.3.3)
      rack (~> 1.1.1)
      rack-cache (~> 1.0.2)
      rake (>= 0.8.3)
      sass (~> 3.1.1)
      uuidtools (~> 2.1.2)
      will_paginate (~> 2.3.11)

GEM
  remote: http://rubygems.org/
  specs:
    RedCloth (4.2.7)
    actionmailer (2.3.11)
      actionpack (= 2.3.11)
    actionpack (2.3.11)
      activesupport (= 2.3.11)
      rack (~> 1.1.0)
    activerecord (2.3.11)
      activesupport (= 2.3.11)
    activeresource (2.3.11)
      activesupport (= 2.3.11)
    activesupport (2.3.11)
    acts_as_list (0.1.4)
    authlogic (2.1.6)
      activesupport
    chunky_png (1.2.0)
    coffee-script (2.2.0)
      coffee-script-source
      execjs
    coffee-script-source (1.1.1)
    compass (0.11.5)
      chunky_png (~> 1.2)
      fssm (>= 0.2.7)
      sass (~> 3.1)
    delocalize (0.2.6)
    execjs (1.2.1)
      multi_json (~> 1.0)
    fastercsv (1.5.4)
    fssm (0.2.7)
    gravtastic (3.1.0)
    haml (3.1.2)
    hassle (0.0.1)
      haml
      rack
    imagesize (0.1.1)
    multi_json (1.0.3)
    nokogiri (1.5.0)
    paperclip (2.3.11)
      activerecord (>= 2.3.0)
      activesupport (>= 2.3.2)
    pg (0.11.0)
    rack (1.1.2)
    rack-cache (1.0.2)
      rack (>= 0.4)
    radiant-clipped-extension (1.0.2)
      acts_as_list (~> 0.1.2)
      paperclip (~> 2.3.11)
      uuidtools (~> 2.1.2)
    rails (2.3.11)
      actionmailer (= 2.3.11)
      actionpack (= 2.3.11)
      activerecord (= 2.3.11)
      activeresource (= 2.3.11)
      activesupport (= 2.3.11)
      rake (>= 0.8.3)
    rake (0.9.2)
    rdiscount (1.6.8)
    responds_to_parent (1.0.20091013)
    sanitize (2.0.3)
      nokogiri (>= 1.4.4, < 1.6)
    sass (3.1.5)
    snail (0.5.5)
    sqlite3 (1.3.4)
    sqlite3-ruby (1.3.3)
      sqlite3 (>= 1.3.3)
    uuidtools (2.1.2)
    vcard (0.1.1)
    will_paginate (2.3.15)

PLATFORMS
  ruby

DEPENDENCIES
  acts_as_list
  authlogic (>= 2.1.2)
  coffee-script (~> 2.2.0)
  fastercsv (~> 1.5.4)
  gravtastic (>= 2.1.3)
  haml
  hassle
  imagesize
  paperclip (= 2.3.11)
  pg
  radiant!
  radiant-clipped-extension (~> 1.0.0)
  rails (= 2.3.11)
  rdiscount (>= 1.3.5)
  responds_to_parent
  sanitize
  snail (~> 0.5.5)
  sqlite3-ruby
  vcard (~> 0.1.1)
