GEM
  remote: http://rubygems.org/
  specs:
    RedCloth (4.2.3)
    actionmailer (2.3.8)
      actionpack (= 2.3.8)
    actionpack (2.3.8)
      activesupport (= 2.3.8)
      rack (~> 1.1.0)
    activerecord (2.3.8)
      activesupport (= 2.3.8)
    activeresource (2.3.8)
      activesupport (= 2.3.8)
    activesupport (2.3.8)
    acts_as_list (0.1.2)
    authlogic (2.1.6)
      activesupport
    gravtastic (2.2.0)
    haml (3.0.18)
    hassle (0.0.1)
      haml
      rack
    imagesize (0.1.1)
    nokogiri (1.4.3.1)
    paperclip (2.3.3)
      activerecord
      activesupport
    pg (0.9.0)
    rack (1.1.0)
    radiant (0.9.1)
      RedCloth (>= 4.0.0)
      rack (~> 1.1.0)
      rake (>= 0.8.3)
      will_paginate (~> 2.3.11)
    rails (2.3.8)
      actionmailer (= 2.3.8)
      actionpack (= 2.3.8)
      activerecord (= 2.3.8)
      activeresource (= 2.3.8)
      activesupport (= 2.3.8)
      rake (>= 0.8.3)
    rake (0.8.7)
    rdiscount (1.6.5)
    responds_to_parent (1.0.20091013)
    sanitize (1.2.1)
      nokogiri (~> 1.4.1)
    sqlite3-ruby (1.3.1)
    will_paginate (2.3.14)

PLATFORMS
  ruby

DEPENDENCIES
  acts_as_list
  authlogic (>= 2.1.2)
  gravtastic (>= 2.1.3)
  haml
  hassle
  imagesize
  paperclip (~> 2.3.3)
  pg
  radiant (= 0.9.1)
  rails (= 2.3.8)
  rdiscount (>= 1.3.5)
  responds_to_parent
  sanitize
  sqlite3-ruby
