GIT
  remote: https://github.com/aughr/radiant-reader-extension.git
  revision: 4f903b52e83cdfd77e79eff524e666cdcebab504
  specs:
    radiant-reader-extension (3.0.6)
      ancestry (~> 1.2.4)
      authlogic (~> 2.1.6)
      fastercsv (~> 1.5.4)
      radiant-layouts-extension (~> 1.1.3)
      radiant-mailer_layouts-extension (~> 0.1.1)
      sanitize (~> 2.0.1)
      snail (~> 0.5.5)
      vcard (~> 0.1.1)

GIT
  remote: https://github.com/radiant/radiant.git
  revision: 58d3363e5724f06772617ee3583663b683b7b671
  submodules: true
  specs:
    radiant (1.0.0.rc3)
      ZenTest (= 4.6.0)
      acts_as_tree (~> 0.1.1)
      bundler (~> 1.0.0)
      compass (~> 0.11.1)
      cucumber-rails (~> 0.3.2)
      database_cleaner (~> 0.6.5)
      delocalize (~> 0.2.3)
      haml (~> 3.1.1)
      highline (~> 1.6.2)
      rack (~> 1.1.1)
      rack-cache (~> 1.0.2)
      radiant-archive-extension (~> 1.0.0)
      radiant-clipped-extension (~> 1.0.6)
      radiant-debug-extension (~> 1.0.0)
      radiant-exporter-extension (~> 1.0.0)
      radiant-markdown_filter-extension (~> 1.0.0)
      radiant-sheets-extension (~> 1.0.0.pre)
      radiant-site_templates-extension (~> 1.0.0)
      radiant-smarty_pants_filter-extension (~> 1.0.0)
      radiant-textile_filter-extension (~> 1.0.0)
      radius (~> 0.7.1)
      rails (~> 2.3.12)
      rake (~> 0.8.7)
      rdoc (~> 3.9.2)
      rspec (~> 1.3.1)
      rspec-rails (~> 1.3.3)
      sqlite3 (~> 1.3.4)
      webrat (~> 0.7.3)
      will_paginate (~> 2.3.11)

GIT
  remote: https://github.com/spanner/radiant-forum-extension.git
  revision: 3768efd9eb5b7e400fd13b45dbff1c96db0bcee5
  specs:
    radiant-forum-extension (3.0.1)
      acts_as_list (~> 0.1.2)
      radiant-reader-extension (~> 3.0.0)

GEM
  remote: http://rubygems.org/
  specs:
    RedCloth (4.2.8)
    ZenTest (4.6.0)
    actionmailer (2.3.14)
      actionpack (= 2.3.14)
    actionpack (2.3.14)
      activesupport (= 2.3.14)
      rack (~> 1.1.0)
    activerecord (2.3.14)
      activesupport (= 2.3.14)
    activeresource (2.3.14)
      activesupport (= 2.3.14)
    activesupport (2.3.14)
    acts_as_list (0.1.4)
    acts_as_tree (0.1.1)
    ancestry (1.2.4)
      activerecord (>= 2.2.2)
    authlogic (2.1.6)
      activesupport
    bluecloth (2.1.0)
    builder (3.0.0)
    chunky_png (1.2.1)
    cocaine (0.2.0)
    coffee-script (2.2.0)
      coffee-script-source
      execjs
    coffee-script-source (1.1.2)
    compass (0.11.5)
      chunky_png (~> 1.2)
      fssm (>= 0.2.7)
      sass (~> 3.1)
    cucumber (1.0.3)
      builder (>= 2.1.2)
      diff-lcs (>= 1.1.2)
      gherkin (~> 2.4.18)
      json (>= 1.4.6)
      term-ansicolor (>= 1.0.6)
    cucumber-rails (0.3.2)
      cucumber (>= 0.8.0)
    database_cleaner (0.6.7)
    delocalize (0.2.6)
    diff-lcs (1.1.3)
    execjs (1.2.4)
      multi_json (~> 1.0)
    fastercsv (1.5.4)
    fssm (0.2.7)
    gherkin (2.4.18)
      json (>= 1.4.6)
    gravtastic (3.1.0)
    haml (3.1.3)
    hassle (0.0.1)
      haml
      rack
    highline (1.6.2)
    imagesize (0.1.1)
    json (1.5.4)
    mime-types (1.16)
    multi_json (1.0.3)
    nokogiri (1.5.0)
    paperclip (2.3.16)
      activerecord (>= 2.3.0)
      activesupport (>= 2.3.2)
      cocaine (>= 0.0.2)
      mime-types
    pg (0.11.0)
    rack (1.1.2)
    rack-cache (1.0.3)
      rack (>= 0.4)
    rack-test (0.6.1)
      rack (>= 1.0)
    radiant-archive-extension (1.0.0)
    radiant-clipped-extension (1.0.9)
      acts_as_list (~> 0.1.2)
      paperclip (~> 2.3.16)
      uuidtools (~> 2.1.2)
    radiant-debug-extension (1.0.0)
    radiant-exporter-extension (1.0.0)
    radiant-layouts-extension (1.1.3)
      radiant (>= 0.9.1)
    radiant-mailer_layouts-extension (0.1.1)
    radiant-markdown_filter-extension (1.0.0)
      bluecloth (~> 2.1.0)
    radiant-sheets-extension (1.0.0.pre)
      coffee-script (~> 2.2.0)
      sass (~> 3.1.2)
    radiant-site_templates-extension (1.0.0)
    radiant-smarty_pants_filter-extension (1.0.0)
      rubypants (~> 0.2.0)
    radiant-textile_filter-extension (1.0.2)
      RedCloth (~> 4.2.0)
    radius (0.7.1)
    rails (2.3.14)
      actionmailer (= 2.3.14)
      actionpack (= 2.3.14)
      activerecord (= 2.3.14)
      activeresource (= 2.3.14)
      activesupport (= 2.3.14)
      rake (>= 0.8.3)
    rake (0.8.7)
    rdiscount (1.6.8)
    rdoc (3.9.4)
    responds_to_parent (1.0.20091013)
    rspec (1.3.2)
    rspec-rails (1.3.4)
      rack (>= 1.0.0)
      rspec (~> 1.3.1)
    rubypants (0.2.0)
    sanitize (2.0.3)
      nokogiri (>= 1.4.4, < 1.6)
    sass (3.1.7)
    snail (0.5.7)
    sqlite3 (1.3.4)
    sqlite3-ruby (1.3.3)
      sqlite3 (>= 1.3.3)
    term-ansicolor (1.0.6)
    uuidtools (2.1.2)
    vcard (0.1.1)
    webrat (0.7.3)
      nokogiri (>= 1.2.0)
      rack (>= 1.0)
      rack-test (>= 0.5.3)
    will_paginate (2.3.16)

PLATFORMS
  ruby

DEPENDENCIES
  acts_as_list
  authlogic (>= 2.1.2)
  cucumber (= 1.0.3)
  gravtastic (>= 2.1.3)
  haml
  hassle
  imagesize
  pg
  radiant!
  radiant-forum-extension!
  radiant-reader-extension!
  rails
  rdiscount (>= 1.3.5)
  responds_to_parent
  sanitize
  snail
  sqlite3-ruby
